GIT
  remote: https://github.com/adambird/hatchet-airbrake.git
  revision: 6bd0f8a070d09ce1236f9e905d4569eb78fa711a
  specs:
    hatchet-airbrake (0.0.1)
      airbrake (~> 3.1.6)
      hatchet (~> 0.0.17)

GIT
  remote: https://github.com/gshutler/hatchet.git
  revision: ae10bb664443928cc54375ea2f07d2e68b3a8820
  branch: error-passing
  specs:
    hatchet (0.0.17)

GEM
  remote: http://rubygems.org/
  specs:
    airbrake (3.1.6)
      builder
      girl_friday
    builder (3.1.4)
    connection_pool (0.9.2)
    girl_friday (0.10.0)
      connection_pool (~> 0.9.0)
    rack (1.4.1)
    rack-protection (1.2.0)
      rack
    sinatra (1.3.3)
      rack (~> 1.3, >= 1.3.6)
      rack-protection (~> 1.2)
      tilt (~> 1.3, >= 1.3.3)
    tilt (1.3.3)

PLATFORMS
  ruby

DEPENDENCIES
  airbrake
  hatchet!
  hatchet-airbrake!
  sinatra
